GEM
  remote: https://rubygems.org/
  specs:
    rack (1.5.2)
    tilt (2.0.0)

PLATFORMS
  ruby

DEPENDENCIES
  rack
  tilt
